REDIRECTS: ON
RESTRICTION: == net462
NUGET
  remote: https://api.nuget.org/v3/index.json
    JetBrains.Annotations (2019.1.3)
    Microsoft.NETCore.Platforms (2.2.3)
    NETStandard.Library (2.0.3)
      Microsoft.NETCore.Platforms (>= 1.1)
    Nito.AsyncEx (5.0)
      Nito.AsyncEx.Context (>= 5.0)
      Nito.AsyncEx.Coordination (>= 5.0)
      Nito.AsyncEx.Interop.WaitHandles (>= 5.0)
      Nito.AsyncEx.Oop (>= 5.0)
      Nito.AsyncEx.Tasks (>= 5.0)
      Nito.Cancellation (>= 1.0.5)
    Nito.AsyncEx.Context (5.0)
      NETStandard.Library (>= 1.6.1)
      Nito.AsyncEx.Tasks (>= 5.0)
    Nito.AsyncEx.Coordination (5.0)
      NETStandard.Library (>= 1.6.1)
      Nito.AsyncEx.Tasks (>= 5.0)
      Nito.Collections.Deque (>= 1.0.4)
      Nito.Disposables (>= 2.0)
    Nito.AsyncEx.Interop.WaitHandles (5.0)
      NETStandard.Library (>= 1.6.1)
      Nito.AsyncEx.Tasks (>= 5.0)
      System.Threading.ThreadPool (>= 4.3)
    Nito.AsyncEx.Oop (5.0)
      NETStandard.Library (>= 1.6.1)
      Nito.AsyncEx.Coordination (>= 5.0)
    Nito.AsyncEx.Tasks (5.0)
      NETStandard.Library (>= 1.6.1)
      Nito.Disposables (>= 2.0)
    Nito.Cancellation (1.0.5)
      NETStandard.Library (>= 1.6.1)
      Nito.Disposables (>= 1.2.3)
    Nito.Collections.Deque (1.0.4)
      NETStandard.Library (>= 1.6.1)
    Nito.Disposables (2.0.1)
      System.Collections.Immutable (>= 1.4)
    Rx.Contrib (1.1.6)
      JetBrains.Annotations (>= 2018.2.1)
      System.Reactive.Core (>= 4.1.2)
    System.Collections.Immutable (1.5)
    System.Reactive (4.1.6)
      System.Threading.Tasks.Extensions (>= 4.5.2)
      System.ValueTuple (>= 4.5)
    System.Reactive.Core (4.1.6)
      System.Reactive (>= 4.1.6)
      System.Threading.Tasks.Extensions (>= 4.5.2)
    System.Runtime.CompilerServices.Unsafe (4.5.2)
    System.Threading.Tasks.Extensions (4.5.3)
      System.Runtime.CompilerServices.Unsafe (>= 4.5.2)
    System.Threading.ThreadPool (4.3)
    System.ValueTuple (4.5)
